PATH
  remote: .
  specs:
    vector-generate (0.0.0)
      activesupport (~> 6.0)
      differ (~> 0.1)
      front_matter_parser (~> 0.2)
      json_schemer (~> 0.2.8)
      paint (~> 2.1)
      toml-rb (~> 2.0)
      unindent (~> 1.0)
      word_wrap (~> 1.0)

GEM
  remote: https://rubygems.org/
  specs:
    activesupport (6.0.3.2)
      concurrent-ruby (~> 1.0, >= 1.0.2)
      i18n (>= 0.7, < 2)
      minitest (~> 5.1)
      tzinfo (~> 1.1)
      zeitwerk (~> 2.2, >= 2.2.2)
    citrus (3.0.2)
    concurrent-ruby (1.1.7)
    differ (0.1.2)
    ecma-re-validator (0.2.1)
      regexp_parser (~> 1.2)
    front_matter_parser (0.2.1)
    hana (1.3.6)
    i18n (1.8.5)
      concurrent-ruby (~> 1.0)
    json_schemer (0.2.13)
      ecma-re-validator (~> 0.2)
      hana (~> 1.3)
      regexp_parser (~> 1.5)
      uri_template (~> 0.7)
    minitest (5.14.2)
    paint (2.2.0)
    regexp_parser (1.7.1)
    thread_safe (0.3.6)
    toml-rb (2.0.1)
      citrus (~> 3.0, > 3.0)
    tzinfo (1.2.7)
      thread_safe (~> 0.1)
    unindent (1.0)
    uri_template (0.7.0)
    word_wrap (1.0.0)
    zeitwerk (2.4.0)

PLATFORMS
  ruby

DEPENDENCIES
  vector-generate!

RUBY VERSION
   ruby 2.7.1p83

BUNDLED WITH
   2.1.4
